{
	"Modality": "MR",
	"MagneticFieldStrength": 3,
	"Manufacturer": "Siemens",
	"ManufacturersModelName": "Skyra",
	"InstitutionName": "Princeton_University_-_Neuroscience_Institute",
	"InstitutionalDepartmentName": "Department",
	"InstitutionAddress": "Washington_and_Faculty_Rd._-_Building_25_25_Princeton_NJ_US_085",
	"DeviceSerialNumber": "45031",
	"StationName": "AWP45031",
	"BodyPartExamined": "BRAIN",
	"PatientPosition": "HFS",
	"ProcedureStepDescription": "TamirL_Mark",
	"SoftwareVersions": "syngo_MR_E11",
	"MRAcquisitionType": "2D",
	"SeriesDescription": "SpinEcho_PA_Siemens",
	"ProtocolName": "SpinEcho_PA_Siemens",
	"ScanningSequence": "EP",
	"SequenceVariant": "SK_SP",
	"ScanOptions": "FS",
	"SequenceName": "_epse2d1_78",
	"ImageType": ["ORIGINAL", "PRIMARY", "M", "ND"],
	"SeriesNumber": 11,
	"AcquisitionTime": "14:47:49.852500",
	"AcquisitionNumber": 1,
	"SliceThickness": 2.5,
	"SpacingBetweenSlices": 2.5,
	"SAR": 0.189839,
	"EchoTime": 0.066,
	"RepetitionTime": 8,
	"FlipAngle": 90,
	"PartialFourier": 1,
	"BaseResolution": 78,
	"ShimSetting": [
		3363,
		8728,
		9290,
		401,
		148,
		-366,
		326,
		55	],
	"TxRefAmp": 377.387,
	"PhaseResolution": 1,
	"VendorReportedEchoSpacing": 0.00062,
	"ReceiveCoilName": "HeadNeck_20",
	"ReceiveCoilActiveElements": "HE1-4",
	"PulseSequenceDetails": "%SiemensSeq%_ep2d_se",
	"ConsistencyInfo": "N4_VE11C_LATEST_20160120",
	"PercentPhaseFOV": 100,
	"EchoTrainLength": 78,
	"PhaseEncodingSteps": 78,
	"AcquisitionMatrixPE": 78,
	"ReconMatrixPE": 78,
	"BandwidthPerPixelPhaseEncode": 20.678,
	"EffectiveEchoSpacing": 0.000620007,
	"DerivedVendorReportedEchoSpacing": 0.000620007,
	"TotalReadoutTime": 0.0477406,
	"PixelBandwidth": 2005,
	"DwellTime": 3.2e-06,
	"PhaseEncodingDirection": "j",
	"ImageOrientationPatientDICOM": [
		0.99911,
		0.0038302,
		0.0420132,
		-1.4173e-08,
		0.99587,
		-0.0907896	],
	"InPlanePhaseEncodingDirectionDICOM": "COL",
	"ConversionSoftware": "dcm2niix",
	"ConversionSoftwareVersion": "v1.0.20171215 GCC4.8.5"
}
