{
	"Modality": "MR",
	"MagneticFieldStrength": 3,
	"Manufacturer": "Siemens",
	"ManufacturersModelName": "Skyra",
	"InstitutionName": "Princeton_University_-_Neuroscience_Institute",
	"InstitutionalDepartmentName": "Department",
	"InstitutionAddress": "Washington_and_Faculty_Rd._-_Building_25_25_Princeton_NJ_US_085",
	"DeviceSerialNumber": "45031",
	"StationName": "AWP45031",
	"BodyPartExamined": "BRAIN",
	"PatientPosition": "HFS",
	"ProcedureStepDescription": "TamirL_Mark",
	"SoftwareVersions": "syngo_MR_E11",
	"MRAcquisitionType": "2D",
	"SeriesDescription": "SpinEcho_PA_Siemens",
	"ProtocolName": "SpinEcho_PA_Siemens",
	"ScanningSequence": "EP",
	"SequenceVariant": "SK_SP",
	"ScanOptions": "FS",
	"SequenceName": "_epse2d1_78",
	"ImageType": ["ORIGINAL", "PRIMARY", "M", "ND"],
	"SeriesNumber": 8,
	"AcquisitionTime": "13:00:42.732500",
	"AcquisitionNumber": 1,
	"SliceThickness": 2.5,
	"SpacingBetweenSlices": 2.5,
	"SAR": 0.138719,
	"EchoTime": 0.066,
	"RepetitionTime": 8,
	"FlipAngle": 90,
	"PartialFourier": 1,
	"BaseResolution": 78,
	"ShimSetting": [
		3381,
		8889,
		9157,
		568,
		104,
		-401,
		-3,
		164	],
	"TxRefAmp": 312.515,
	"PhaseResolution": 1,
	"VendorReportedEchoSpacing": 0.00062,
	"ReceiveCoilName": "HeadNeck_64",
	"ReceiveCoilActiveElements": "HC1-7",
	"PulseSequenceDetails": "%SiemensSeq%_ep2d_se",
	"ConsistencyInfo": "N4_VE11C_LATEST_20160120",
	"PercentPhaseFOV": 100,
	"EchoTrainLength": 78,
	"PhaseEncodingSteps": 78,
	"AcquisitionMatrixPE": 78,
	"ReconMatrixPE": 78,
	"BandwidthPerPixelPhaseEncode": 20.678,
	"EffectiveEchoSpacing": 0.000620007,
	"DerivedVendorReportedEchoSpacing": 0.000620007,
	"TotalReadoutTime": 0.0477406,
	"PixelBandwidth": 2005,
	"DwellTime": 3.2e-06,
	"PhaseEncodingDirection": "j",
	"ImageOrientationPatientDICOM": [
		0.99829,
		0.0514762,
		0.0276922,
		-0.040968,
		0.954101,
		-0.296671	],
	"InPlanePhaseEncodingDirectionDICOM": "COL",
	"ConversionSoftware": "dcm2niix",
	"ConversionSoftwareVersion": "v1.0.20171215 (OpenJPEG build) GCC4.8.4"
}
