{
	"Modality": "MR",
	"MagneticFieldStrength": 3,
	"Manufacturer": "Siemens",
	"ManufacturersModelName": "Skyra",
	"InstitutionName": "Princeton_University_-_Neuroscience_Institute",
	"InstitutionalDepartmentName": "Department",
	"InstitutionAddress": "Washington_and_Faculty_Rd._-_Building_25_25_Princeton_NJ_US_085",
	"DeviceSerialNumber": "45031",
	"StationName": "AWP45031",
	"BodyPartExamined": "BRAIN",
	"PatientPosition": "HFS",
	"ProcedureStepDescription": "TamirL_Mark",
	"SoftwareVersions": "syngo_MR_E11",
	"MRAcquisitionType": "2D",
	"SeriesDescription": "EPI_2.5mm_1.5TR_32TE_SMS4_Siemens_Run_8",
	"ProtocolName": "EPI_2.5mm_1.5TR_32TE_SMS4_Siemens_Run_8",
	"ScanningSequence": "EP",
	"SequenceVariant": "SK",
	"ScanOptions": "FS",
	"SequenceName": "_epfid2d1_78",
	"ImageType": ["ORIGINAL", "PRIMARY", "M", "ND", "NORM", "MOSAIC"],
	"SeriesNumber": 16,
	"AcquisitionTime": "20:09:21.270000",
	"AcquisitionNumber": 1,
	"SliceThickness": 2.5,
	"SpacingBetweenSlices": 2.5,
	"SAR": 0.0664221,
	"EchoTime": 0.032,
	"RepetitionTime": 1.5,
	"FlipAngle": 70,
	"PartialFourier": 1,
	"BaseResolution": 78,
	"ShimSetting": [
		3390,
		8693,
		9299,
		613,
		76,
		-417,
		349,
		256	],
	"TxRefAmp": 317.839,
	"PhaseResolution": 1,
	"ReceiveCoilName": "HeadNeck_64",
	"ReceiveCoilActiveElements": "HC1-7",
	"PulseSequenceDetails": "%SiemensSeq%_ep2d_bold",
	"ConsistencyInfo": "N4_VE11C_LATEST_20160120",
	"MultibandAccelerationFactor": 4,
	"PercentPhaseFOV": 100,
	"EchoTrainLength": 78,
	"PhaseEncodingSteps": 78,
	"AcquisitionMatrixPE": 78,
	"ReconMatrixPE": 78,
	"BandwidthPerPixelPhaseEncode": 20.678,
	"EffectiveEchoSpacing": 0.000620007,
	"DerivedVendorReportedEchoSpacing": 0.000620007,
	"TotalReadoutTime": 0.0477406,
	"PixelBandwidth": 2005,
	"DwellTime": 3.2e-06,
	"PhaseEncodingDirection": "j-",
	"SliceTiming": [
		0.6825,
		0,
		0.7975,
		0.1125,
		0.91,
		0.2275,
		1.025,
		0.3425,
		1.1375,
		0.455,
		1.2525,
		0.57,
		1.365,
		0.6825,
		0,
		0.7975,
		0.1125,
		0.91,
		0.2275,
		1.025,
		0.3425,
		1.1375,
		0.455,
		1.2525,
		0.57,
		1.365,
		0.6825,
		0,
		0.7975,
		0.1125,
		0.91,
		0.2275,
		1.025,
		0.3425,
		1.1375,
		0.455,
		1.2525,
		0.57,
		1.365,
		0.6825,
		0,
		0.7975,
		0.1125,
		0.91,
		0.2275,
		1.025,
		0.3425,
		1.1375,
		0.455,
		1.2525,
		0.57,
		1.365	],
	"ImageOrientationPatientDICOM": [
		0.999811,
		0.0173461,
		-0.00880815,
		-0.0176263,
		0.999307,
		-0.0327979	],
	"InPlanePhaseEncodingDirectionDICOM": "COL",
	"ConversionSoftware": "dcm2niix",
	"ConversionSoftwareVersion": "v1.0.20171215 GCC4.8.5"
}
