{
	"Modality": "MR",
	"MagneticFieldStrength": 3,
	"Manufacturer": "Siemens",
	"ManufacturersModelName": "Skyra",
	"InstitutionName": "Princeton_University_-_Neuroscience_Institute",
	"InstitutionalDepartmentName": "Department",
	"InstitutionAddress": "Washington_and_Faculty_Rd._-_Building_25_25_Princeton_NJ_US_085",
	"DeviceSerialNumber": "45031",
	"StationName": "AWP45031",
	"BodyPartExamined": "BRAIN",
	"PatientPosition": "HFS",
	"ProcedureStepDescription": "TamirL_Mark",
	"SoftwareVersions": "syngo_MR_E11",
	"MRAcquisitionType": "3D",
	"SeriesDescription": "T1w_MPR_1iso_iP2",
	"ProtocolName": "T1w_MPR_1iso_iP2",
	"ScanningSequence": "GR_IR",
	"SequenceVariant": "SK_SP_MP",
	"ScanOptions": "IR",
	"SequenceName": "_tfl3d1_16ns",
	"ImageType": ["ORIGINAL", "PRIMARY", "M", "ND", "NORM"],
	"SeriesNumber": 6,
	"AcquisitionTime": "11:09:14.090000",
	"AcquisitionNumber": 1,
	"SliceThickness": 1,
	"SAR": 0.0723112,
	"EchoTime": 0.00298,
	"RepetitionTime": 2.3,
	"InversionTime": 0.9,
	"FlipAngle": 9,
	"PartialFourier": 1,
	"BaseResolution": 256,
	"ShimSetting": [
		3371,
		8735,
		9070,
		369,
		187,
		-1088,
		327,
		247	],
	"TxRefAmp": 340.951,
	"PhaseResolution": 1,
	"ReceiveCoilName": "HeadNeck_64",
	"ReceiveCoilActiveElements": "HC1-7;NC1",
	"PulseSequenceDetails": "%SiemensSeq%_tfl",
	"ConsistencyInfo": "N4_VE11C_LATEST_20160120",
	"PercentPhaseFOV": 100,
	"PhaseEncodingSteps": 255,
	"AcquisitionMatrixPE": 256,
	"ReconMatrixPE": 256,
	"ParallelReductionFactorInPlane": 2,
	"PixelBandwidth": 240,
	"DwellTime": 8.2e-06,
	"ImageOrientationPatientDICOM": [
		0.0102156,
		0.99267,
		-0.120422,
		-0.0334725,
		-0.120021,
		-0.992207	],
	"InPlanePhaseEncodingDirectionDICOM": "ROW",
	"ConversionSoftware": "dcm2niix",
	"ConversionSoftwareVersion": "v1.0.20171215 GCC4.8.5"
}
